GIT
  remote: https://github.com/sandal/pdf-inspector.git
  revision: fff8a3e22af41443e868e60c50b3381361f8aff0
  specs:
    pdf-inspector (1.0.0)
      pdf-reader (>= 0.9.0)

GEM
  remote: http://rubygems.org/
  specs:
    Ascii85 (1.0.2)
    metaclass (0.0.4)
    mocha (1.3.0)
      metaclass (~> 0.0.1)
    pdf-reader (0.9.3)
      Ascii85 (>= 0.9)
    test-spec (0.10.0)
    ttfunk (1.0.3)

PLATFORMS
  ruby

DEPENDENCIES
  mocha
  pdf-inspector (~> 1.0.0)!
  pdf-reader (~> 0.9.0)
  test-spec
  ttfunk (~> 1.0.0)

BUNDLED WITH
   1.16.1
